GEM
  remote: https://rubygems.org/
  specs:
    bcrypt (3.1.11)
    daemons (1.2.3)
    eventmachine (1.2.0.1)
    json (1.8.3)
    rack (1.6.4)
    rack-protection (1.5.3)
      rack
    sequel (4.35.0)
    sequel_secure_password (0.2.12)
      bcrypt (>= 3.1, < 4.0)
      sequel (>= 4.1.0, < 5.0)
    sinatra (1.4.7)
      rack (~> 1.5)
      rack-protection (~> 1.4)
      tilt (>= 1.3, < 3)
    sinatra-flash (0.3.0)
      sinatra (>= 1.0.0)
    slim (3.0.7)
      temple (~> 0.7.6)
      tilt (>= 1.3.3, < 2.1)
    sqlite3 (1.3.11)
    temple (0.7.7)
    thin (1.7.0)
      daemons (~> 1.0, >= 1.0.9)
      eventmachine (~> 1.0, >= 1.0.4)
      rack (>= 1, < 3)
    tilt (2.0.5)
    warden (1.2.6)
      rack (>= 1.0)

PLATFORMS
  ruby

DEPENDENCIES
  json
  sequel
  sequel_secure_password
  sinatra
  sinatra-flash
  slim
  sqlite3
  thin
  warden

BUNDLED WITH
   1.12.5
